GEM
  remote: https://rubygems.org/
  specs:
    childprocess (0.5.6)
      ffi (~> 1.0, >= 1.0.11)
    ffi (1.9.10)
    headless (2.2.0)
    httparty (0.13.7)
      json (~> 1.8)
      multi_xml (>= 0.5.2)
    json (1.8.3)
    json-compare (0.1.8)
    multi_json (1.11.2)
    multi_xml (0.5.5)
    mysql2 (0.4.1)
    phantomjs (1.9.8.0)
    power_assert (0.2.4)
    rubyzip (1.1.7)
    selenium-webdriver (2.47.1)
      childprocess (~> 0.5)
      multi_json (~> 1.0)
      rubyzip (~> 1.0)
      websocket (~> 1.0)
    test-unit (3.1.4)
      power_assert
    watir-webdriver (0.8.0)
      selenium-webdriver (>= 2.46.2)
    websocket (1.2.2)
    yajl-ruby (1.2.1)

PLATFORMS
  ruby

DEPENDENCIES
  headless
  httparty
  json
  json-compare
  mysql2
  phantomjs
  test-unit
  watir-webdriver
  yajl-ruby

BUNDLED WITH
   1.10.6
